GEM
  remote: http://rubygems.org/
  specs:
    RedCloth (4.2.3)
    activesupport (3.0.0)
    awesome_print (0.2.1)
    bson (1.0.9)
    bson_ext (1.0.9)
    haml (3.0.21)
    i18n (0.4.1)
    jnunemaker-validatable (1.8.4)
      activesupport (>= 2.3.4)
    mocha (0.9.8)
      rake
    mongo (1.0.9)
      bson (>= 1.0.5)
    mongo_mapper (0.8.4)
      activesupport (>= 2.3.4)
      jnunemaker-validatable (~> 1.8.4)
      plucky (~> 0.3.5)
    nokogiri (1.4.3.1)
    plucky (0.3.5)
      mongo (~> 1.0.8)
    rack (1.2.1)
    rack-flash (0.1.1)
      rack
    rack-rewrite (1.0.2)
    rack-test (0.5.6)
      rack (>= 1.0)
    racksh (0.9.8)
      rack (>= 1.0)
      rack-test (>= 0.5)
    rake (0.8.7)
    rspec (1.3.0)
    shotgun (0.8)
      rack (>= 1.0)
    sinatra (1.0)
      rack (>= 1.0)
    webrat (0.7.1)
      nokogiri (>= 1.2.0)
      rack (>= 1.0)
      rack-test (>= 0.5.3)

PLATFORMS
  ruby

DEPENDENCIES
  RedCloth (= 4.2.3)
  awesome_print (= 0.2.1)
  bson (= 1.0.9)
  bson_ext (= 1.0.9)
  haml (= 3.0.21)
  i18n (= 0.4.1)
  mocha (~> 0.9.8)
  mongo (= 1.0.9)
  mongo_mapper (= 0.8.4)
  rack-flash (= 0.1.1)
  rack-rewrite (= 1.0.2)
  rack-test (= 0.5.6)
  racksh (= 0.9.8)
  rspec (= 1.3.0)
  shotgun (= 0.8)
  sinatra (= 1.0)
  webrat (= 0.7.1)
