GEM
  remote: http://rubygems.org/
  specs:
    RedCloth (4.2.3)
    activesupport (3.0.1)
    bson (1.1.1)
    bson_ext (1.1.1)
    haml (3.0.21)
    i18n (0.4.1)
    jnunemaker-validatable (1.8.4)
      activesupport (>= 2.3.4)
    mocha (0.9.12)
    mongo (1.1.1)
      bson (>= 1.1.1)
    mongo_mapper (0.8.6)
      activesupport (>= 2.3.4)
      jnunemaker-validatable (~> 1.8.4)
      plucky (~> 0.3.6)
    nokogiri (1.4.4)
    plucky (0.3.7)
      mongo (~> 1.1)
    rack (1.2.1)
    rack-flash (0.1.1)
      rack
    rack-rewrite (1.0.2)
    rack-test (0.5.7)
      rack (>= 1.0)
    rspec (1.3.0)
    sinatra (1.2.0)
      rack (~> 1.1)
      tilt (< 2.0, >= 1.2.2)
    tilt (1.2.2)
    webrat (0.7.3)
      nokogiri (>= 1.2.0)
      rack (>= 1.0)
      rack-test (>= 0.5.3)

PLATFORMS
  ruby

DEPENDENCIES
  RedCloth (= 4.2.3)
  activesupport (= 3.0.1)
  bson (= 1.1.1)
  bson_ext (= 1.1.1)
  haml (= 3.0.21)
  i18n (= 0.4.1)
  mocha (~> 0.9.9)
  mongo (= 1.1.1)
  mongo_mapper (= 0.8.6)
  rack-flash (= 0.1.1)
  rack-rewrite (= 1.0.2)
  rack-test (= 0.5.7)
  rspec (= 1.3.0)
  sinatra (= 1.2)
  webrat (= 0.7.3)
