GIT
  remote: https://github.com/AaronH/chronic.git
  revision: 837f2a41f7aa27f22309763be245a90626072ead
  specs:
    aaronh-chronic (0.3.9)

GEM
  remote: http://rubygems.org/
  specs:
    RedCloth (4.2.3)
    activesupport (3.0.1)
    backports (2.1.0)
    bson (1.1.1)
    bson_ext (1.1.1)
    haml (3.0.21)
    i18n (0.4.1)
    jnunemaker-validatable (1.8.4)
      activesupport (>= 2.3.4)
    mocha (0.9.12)
    mongo (1.1.1)
      bson (>= 1.1.1)
    mongo_mapper (0.8.6)
      activesupport (>= 2.3.4)
      jnunemaker-validatable (~> 1.8.4)
      plucky (~> 0.3.6)
    monkey-lib (0.5.4)
      backports
    nokogiri (1.4.4)
    plucky (0.3.7)
      mongo (~> 1.1)
    rack (1.2.1)
    rack-flash (0.1.1)
      rack
    rack-rewrite (1.0.2)
    rack-test (0.5.7)
      rack (>= 1.0)
    rspec (1.3.0)
    sinatra (1.2.0)
      rack (~> 1.1)
      tilt (< 2.0, >= 1.2.2)
    sinatra-advanced-routes (0.5.1)
      monkey-lib (~> 0.5.0)
      sinatra (~> 1.0)
      sinatra-sugar (~> 0.5.0)
    sinatra-reloader (0.5.0)
      sinatra (~> 1.0)
      sinatra-advanced-routes (~> 0.5.0)
    sinatra-sugar (0.5.0)
      monkey-lib (~> 0.5.0)
      sinatra (~> 1.0)
    slim (0.9.0)
      temple (~> 0.1.7)
      tilt (~> 1.2)
    temple (0.1.7)
    tilt (1.2.2)
    webrat (0.7.3)
      nokogiri (>= 1.2.0)
      rack (>= 1.0)
      rack-test (>= 0.5.3)

PLATFORMS
  ruby

DEPENDENCIES
  RedCloth (= 4.2.3)
  aaronh-chronic!
  activesupport (= 3.0.1)
  bson (= 1.1.1)
  bson_ext (= 1.1.1)
  haml (= 3.0.21)
  i18n (= 0.4.1)
  mocha (~> 0.9.9)
  mongo (= 1.1.1)
  mongo_mapper (= 0.8.6)
  rack-flash (= 0.1.1)
  rack-rewrite (= 1.0.2)
  rack-test (= 0.5.7)
  rspec (= 1.3.0)
  sinatra (= 1.2)
  sinatra-reloader
  slim (= 0.9.0)
  webrat (= 0.7.3)
